GEM
  remote: https://rubygems.org/
  specs:
    addressable (2.8.7)
      public_suffix (>= 2.0.2, < 7.0)
    base64 (0.2.0)
    bigdecimal (3.1.9)
    chronic (0.10.2)
    crack (1.0.0)
      bigdecimal
      rexml
    diff-lcs (1.5.1)
    dotenv (3.1.7)
    faraday (2.12.2)
      faraday-net_http (>= 2.0, < 3.5)
      json
      logger
    faraday-net_http (3.4.0)
      net-http (>= 0.5.0)
    hashdiff (1.1.2)
    json (2.9.1)
    logger (1.6.5)
    mustermann (3.0.3)
      ruby2_keywords (~> 0.0.1)
    net-http (0.6.0)
      uri
    public_suffix (6.0.1)
    rack (3.1.8)
    rack-protection (4.1.1)
      base64 (>= 0.1.0)
      logger (>= 1.6.0)
      rack (>= 3.0.0, < 4)
    rack-session (2.1.0)
      base64 (>= 0.1.0)
      rack (>= 3.0.0)
    rack-test (2.2.0)
      rack (>= 1.3)
    rake (13.2.1)
    rexml (3.4.0)
    rspec (3.13.0)
      rspec-core (~> 3.13.0)
      rspec-expectations (~> 3.13.0)
      rspec-mocks (~> 3.13.0)
    rspec-core (3.13.2)
      rspec-support (~> 3.13.0)
    rspec-expectations (3.13.3)
      diff-lcs (>= 1.2.0, < 2.0)
      rspec-support (~> 3.13.0)
    rspec-mocks (3.13.2)
      diff-lcs (>= 1.2.0, < 2.0)
      rspec-support (~> 3.13.0)
    rspec-support (3.13.2)
    ruby2_keywords (0.0.5)
    sinatra (4.1.1)
      logger (>= 1.6.0)
      mustermann (~> 3.0)
      rack (>= 3.0.0, < 4)
      rack-protection (= 4.1.1)
      rack-session (>= 2.0.0, < 3)
      tilt (~> 2.0)
    tilt (2.6.0)
    uri (1.0.2)
    webmock (3.24.0)
      addressable (>= 2.8.0)
      crack (>= 0.3.2)
      hashdiff (>= 0.4.0, < 2.0.0)
    whenever (1.0.0)
      chronic (>= 0.6.3)

PLATFORMS
  ruby

DEPENDENCIES
  dotenv
  faraday
  rack-test
  rake
  rspec
  sinatra
  webmock
  whenever

BUNDLED WITH
   2.6.3
